GEM
  remote: https://rubygems.org/
  specs:
    git (1.5.0)

PLATFORMS
  ruby

DEPENDENCIES
  git (~> 1.5)

BUNDLED WITH
   2.1.2
